RESTRICTION: || (== netcoreapp2.1) (== netcoreapp3.0)
NUGET
  remote: https://api.nuget.org/v3/index.json
    Expecto (8.12)
      FSharp.Core (>= 4.3.4)
      Mono.Cecil (>= 0.10.3)
    FSharp.Core (4.7)
    Mono.Cecil (0.11.1)

GROUP Build
NUGET
  remote: https://www.nuget.org/api/v2
    FAKE (5.16)
